GEM
  remote: https://rubygems.org/
  specs:
    addressable (2.8.7)
      public_suffix (>= 2.0.2, < 7.0)
    base64 (0.2.0)
    bigdecimal (3.1.9)
    byebug (11.1.3)
    coderay (1.1.3)
    crack (1.0.0)
      bigdecimal
      rexml
    date (3.4.1)
    domain_name (0.6.20240107)
    ffi (1.17.1)
    ffi-compiler (1.3.2)
      ffi (>= 1.15.5)
      rake
    hashdiff (1.1.2)
    http (5.2.0)
      addressable (~> 2.8)
      base64 (~> 0.1)
      http-cookie (~> 1.0)
      http-form_data (~> 2.2)
      llhttp-ffi (~> 0.5.0)
    http-cookie (1.0.8)
      domain_name (~> 0.5)
    http-form_data (2.3.0)
    llhttp-ffi (0.5.0)
      ffi-compiler (~> 1.0)
      rake (~> 13.0)
    logger (1.6.6)
    mail (2.8.1)
      mini_mime (>= 0.1.1)
      net-imap
      net-pop
      net-smtp
    method_source (1.1.0)
    mini_mime (1.1.5)
    multi_json (1.15.0)
    mustermann (3.0.3)
      ruby2_keywords (~> 0.0.1)
    net-imap (0.5.6)
      date
      net-protocol
    net-pop (0.1.2)
      net-protocol
    net-protocol (0.2.2)
      timeout
    net-smtp (0.5.1)
      net-protocol
    nio4r (2.7.4)
    pony (1.13.1)
      mail (>= 2.0)
    pry (0.15.2)
      coderay (~> 1.1)
      method_source (~> 1.0)
    public_suffix (6.0.1)
    puma (6.6.0)
      nio4r (~> 2.0)
    r18n-core (3.0.5)
    rack (3.1.12)
    rack-protection (4.1.1)
      base64 (>= 0.1.0)
      logger (>= 1.6.0)
      rack (>= 3.0.0, < 4)
    rack-session (2.1.0)
      base64 (>= 0.1.0)
      rack (>= 3.0.0)
    rack-test (2.2.0)
      rack (>= 1.3)
    rake (13.2.1)
    rexml (3.4.1)
    ruby2_keywords (0.0.5)
    shotgun (0.9.2)
      rack (>= 1.0)
    sinatra (4.1.1)
      logger (>= 1.6.0)
      mustermann (~> 3.0)
      rack (>= 3.0.0, < 4)
      rack-protection (= 4.1.1)
      rack-session (>= 2.0.0, < 3)
      tilt (~> 2.0)
    sinatra-contrib (4.1.1)
      multi_json (>= 0.0.2)
      mustermann (~> 3.0)
      rack-protection (= 4.1.1)
      sinatra (= 4.1.1)
      tilt (~> 2.0)
    sinatra-r18n (3.0.5)
      r18n-core (= 3.0.5)
      sinatra (>= 1.3)
    tilt (2.6.0)
    timeout (0.4.3)
    webmock (3.25.1)
      addressable (>= 2.8.0)
      crack (>= 0.3.2)
      hashdiff (>= 0.4.0, < 2.0.0)

PLATFORMS
  x86_64-linux

DEPENDENCIES
  byebug
  http
  pony
  pry
  puma
  rack-test
  shotgun
  sinatra
  sinatra-contrib
  sinatra-r18n
  webmock

BUNDLED WITH
   2.3.15
